GEM
  remote: https://rubygems.org/
  specs:
    json (1.8.2)
    puma (3.12.4)
    rack (1.6.13)
    rack-protection (1.5.3)
      rack
    sinatra (1.4.5)
      rack (~> 1.4)
      rack-protection (~> 1.4)
      tilt (~> 1.3, >= 1.3.4)
    sqlite3 (1.3.10)
    tilt (1.4.1)

PLATFORMS
  ruby

DEPENDENCIES
  json
  puma
  sinatra
  sqlite3
